{
  "AcquisitionDate": "2017-02-21",
  "AcquisitionDuration": 607.20001220703125,
  "DeviceSerialNumber": "42034 ",
  "EchoTime": 0.035,
  "FlipAngle": 90,
  "InstitutionalDepartmentName": "Research",
  "InstitutionName": "Methodist Hospital",
  "MagneticFieldStrength": 3,
  "Manufacturer": "Philips Healthcare",
  "ManufacturerModelName": "Ingenia ",
  "MRAcquisitionType": "2D",
  "ReceiveCoilName": "MULTI COIL",
  "RepetitionTime": 2.4,
  "ScanningSequence": "GR",
  "ScanOptions": "FS",
  "SliceOrientation": "TRANSVERSAL ",
  "SliceThickness": 3.5,
  "SoftwareVersions": "4.1.3\\4.1.3.2 ",
  "StationName": "tmhri3t1",
  "StudyDate": "2017-02-21",
  "StudyTime": "08:58:03",
  "Participant": "S1 M 26",
  "TaskName": "walking2",
  "TaskDescription": "For the second time, participant watched a 10-minute video walking in the exoskeleton, completing 11 Stop-Walk-Stop (SWS) cycles.",
  "Stimulus": {
    "VideoFile": "stimuli/walking_exoskeleton_video.mp4",
    "Duration": 601,
    "Description": "10-minute first-person video of participant walking in exoskeleton, 11 SWS cycles."
  }
}