{
  "AcquisitionDate": "2018-08-23",
  "AcquisitionDuration": 607.20001220703125,
  "DeviceSerialNumber": "42034 ",
  "EchoTime": 0.035001,
  "FlipAngle": 90,
  "InstitutionalDepartmentName": "Research",
  "InstitutionName": "Methodist Hospital",
  "MagneticFieldStrength": 3,
  "Manufacturer": "Philips Healthcare",
  "ManufacturerModelName": "Ingenia ",
  "MRAcquisitionType": "2D",
  "ReceiveCoilName": "MULTI COIL",
  "RepetitionTime": 2.4,
  "ScanningSequence": "GR",
  "ScanOptions": "FS",
  "SliceOrientation": "TRANSVERSAL ",
  "SliceThickness": 3.5,
  "SoftwareVersions": "4.1.3\\4.1.3.2 ",
  "StationName": "tmhri3t1",
  "StudyDate": "2018-08-23",
  "StudyTime": "11:29:40",
  "Participant": "S5 M 23",
  "TaskName": "walking1",
  "TaskDescription": "For the first time, participant watched a 10-minute video of themselves walking in the exoskeleton, completing 11 Stop-Walk-Stop (SWS) cycles."
}