{
  "TaskName": "baseline",
  "TaskDescription": "During the baseline condition, participants were instructed to mentally simulate a resting state",
  "SamplingFrequency": 5000,
  "PowerLineFrequency": 60,
  "EEGReference": "Ref (Right ear lobe)",
  "EEGGround": "Gnd (Left ear lobe)",
  "EEGPlacementScheme": "10-20",
  "EEGChannelCount": 59,
  "EOGChannelCount": 4,
  "ECGChannelCount": 1,
  "Manufacturer": "BrainVision",
  "CapManufacturer": "BrainCap MR",
  "SoftwareFilters": "n/a",
  "RecordingType": "continuous",
  "RecordingDate": "2018-08-20",
  "RecordingDuration": 307.6,
  "Participant": "S2 F 22"
}