{
  "AcquisitionDate": "2017-02-21",
  "AcquisitionDuration": 442.10391235351562,
  "DeviceSerialNumber": "42034 ",
  "EchoTime": 0.095036,
  "FlipAngle": 90,
  "InstitutionalDepartmentName": "Research",
  "InstitutionName": "Methodist Hospital",
  "MagneticFieldStrength": 3,
  "Manufacturer": "Philips Healthcare",
  "ManufacturerModelName": "Ingenia ",
  "MRAcquisitionType": "2D",
  "ReceiveCoilName": "MULTI COIL",
  "RepetitionTime": 3.50876123046875,
  "ScanningSequence": "SE",
  "ScanOptions": "FS",
  "SliceOrientation": "TRANSVERSAL ",
  "SliceThickness": 2.5,
  "SoftwareVersions": "4.1.3\\4.1.3.2 ",
  "StationName": "tmhri3t1",
  "StudyDate": "2017-02-21",
  "StudyTime": "08:58:03",
  "Participant": "S1 M 26"
}