{
  "AcquisitionDate": "2017-04-06",
  "AcquisitionDuration": 439.02114868164062,
  "DeviceSerialNumber": "42034 ",
  "EchoTime": 0.094178,
  "FlipAngle": 90,
  "InstitutionalDepartmentName": "Research",
  "InstitutionName": "Methodist Hospital",
  "MagneticFieldStrength": 3,
  "Manufacturer": "Philips Healthcare",
  "ManufacturerModelName": "Ingenia ",
  "MRAcquisitionType": "2D",
  "ReceiveCoilName": "MULTI COIL",
  "RepetitionTime": 3.484294921875,
  "ScanningSequence": "SE",
  "ScanOptions": "FS",
  "SliceOrientation": "TRANSVERSAL ",
  "SliceThickness": 2.5,
  "SoftwareVersions": "4.1.3\\4.1.3.2 ",
  "StationName": "tmhri3t1",
  "StudyDate": "2017-04-06",
  "StudyTime": "14:03:03",
  "Participant": "S3 M 29"
}