{
  "AcquisitionDate": "2018-08-20",
  "AcquisitionDuration": 300,
  "DeviceSerialNumber": "42034 ",
  "EchoTime": 0.035,
  "FlipAngle": 90,
  "InstitutionalDepartmentName": "Research",
  "InstitutionName": "Methodist Hospital",
  "MagneticFieldStrength": 3,
  "Manufacturer": "Philips Healthcare",
  "ManufacturerModelName": "Ingenia ",
  "MRAcquisitionType": "2D",
  "ReceiveCoilName": "MULTI COIL",
  "RepetitionTime": 2.4,
  "ScanningSequence": "GR",
  "ScanOptions": "FS",
  "SliceOrientation": "TRANSVERSAL ",
  "SliceThickness": 3.5,
  "SoftwareVersions": "4.1.3\\4.1.3.2 ",
  "StationName": "tmhri3t1",
  "StudyDate": "2018-08-20",
  "StudyTime": "09:13:43",
  "Participant": "S2 F 22",
  "TaskName": "baseline",
  "TaskDescription": "During the baseline condition, participants were instructed to mentally simulate a resting state"
}