{
  "TaskName": "walking1",
  "SamplingFrequency": 5000,
  "PowerLineFrequency": 60,
  "EEGReference": "Ref (Right ear lobe)",
  "EEGGround": "Gnd (Left ear lobe)",
  "EEGPlacementScheme": "10-20",
  "EEGChannelCount": 59,
  "EOGChannelCount": 4,
  "ECGChannelCount": 1,
  "Manufacturer": "BrainVision",
  "CapManufacturer": "BrainCap MR",
  "SoftwareFilters": "n/a",
  "RecordingType": "continuous",
  "RecordingDate": "2017-02-21",
  "RecordingDuration": 659.16,
  "Participant": "S1 M 26"
}